GEM
  remote: http://rubygems.org/
  specs:
    ast (2.4.2)
    backport (1.2.0)
    benchmark (0.2.0)
    coderay (1.1.3)
    diff-lcs (1.5.0)
    e2mmap (0.1.0)
    erubi (1.11.0)
    ffi (1.15.5)
    flay (2.13.0)
      erubi (~> 1.10)
      path_expander (~> 1.0)
      ruby_parser (~> 3.0)
      sexp_processor (~> 4.0)
    formatador (1.1.0)
    guard (2.18.0)
      formatador (>= 0.2.4)
      listen (>= 2.7, < 4.0)
      lumberjack (>= 1.0.12, < 2.0)
      nenv (~> 0.1)
      notiffany (~> 0.0)
      pry (>= 0.13.0)
      shellany (~> 0.0)
      thor (>= 0.18.1)
    guard-compat (1.2.1)
    guard-rspec (4.7.3)
      guard (~> 2.1)
      guard-compat (~> 1.1)
      rspec (>= 2.99.0, < 4.0)
    guard-rubocop (1.5.0)
      guard (~> 2.0)
      rubocop (< 2.0)
    jaro_winkler (1.5.4)
    json (2.6.2)
    kramdown (2.4.0)
      rexml
    kramdown-parser-gfm (1.1.0)
      kramdown (~> 2.0)
    listen (3.7.1)
      rb-fsevent (~> 0.10, >= 0.10.3)
      rb-inotify (~> 0.9, >= 0.9.10)
    lumberjack (1.2.8)
    method_source (1.0.0)
    nenv (0.3.0)
    nokogiri (1.13.8-arm64-darwin)
      racc (~> 1.4)
    notiffany (0.1.3)
      nenv (~> 0.1)
      shellany (~> 0.0)
    parallel (1.22.1)
    parser (3.1.2.1)
      ast (~> 2.4.1)
    path_expander (1.1.1)
    pry (0.14.1)
      coderay (~> 1.1)
      method_source (~> 1.0)
    racc (1.6.0)
    rainbow (3.1.1)
    rb-fsevent (0.11.1)
    rb-inotify (0.10.1)
      ffi (~> 1.0)
    rb-readline (0.5.5)
    regexp_parser (2.5.0)
    reverse_markdown (2.1.1)
      nokogiri
    rexml (3.2.5)
    rspec (3.11.0)
      rspec-core (~> 3.11.0)
      rspec-expectations (~> 3.11.0)
      rspec-mocks (~> 3.11.0)
    rspec-core (3.11.0)
      rspec-support (~> 3.11.0)
    rspec-expectations (3.11.0)
      diff-lcs (>= 1.2.0, < 2.0)
      rspec-support (~> 3.11.0)
    rspec-mocks (3.11.1)
      diff-lcs (>= 1.2.0, < 2.0)
      rspec-support (~> 3.11.0)
    rspec-support (3.11.0)
    rubocop (1.35.0)
      json (~> 2.3)
      parallel (~> 1.10)
      parser (>= 3.1.2.1)
      rainbow (>= 2.2.2, < 4.0)
      regexp_parser (>= 1.8, < 3.0)
      rexml (>= 3.2.5, < 4.0)
      rubocop-ast (>= 1.20.1, < 2.0)
      ruby-progressbar (~> 1.7)
      unicode-display_width (>= 1.4.0, < 3.0)
    rubocop-ast (1.21.0)
      parser (>= 3.1.1.0)
    rubocop-rspec (2.12.1)
      rubocop (~> 1.31)
    ruby-progressbar (1.11.0)
    ruby_parser (3.19.1)
      sexp_processor (~> 4.16)
    sexp_processor (4.16.1)
    shellany (0.0.1)
    solargraph (0.45.0)
      backport (~> 1.2)
      benchmark
      bundler (>= 1.17.2)
      diff-lcs (~> 1.4)
      e2mmap
      jaro_winkler (~> 1.5)
      kramdown (~> 2.3)
      kramdown-parser-gfm (~> 1.1)
      parser (~> 3.0)
      reverse_markdown (>= 1.0.5, < 3)
      rubocop (>= 0.52)
      thor (~> 1.0)
      tilt (~> 2.0)
      yard (~> 0.9, >= 0.9.24)
    thor (1.2.1)
    tilt (2.0.11)
    unicode-display_width (2.2.0)
    webrick (1.7.0)
    yard (0.9.28)
      webrick (~> 1.7.0)

PLATFORMS
  arm64-darwin-21

DEPENDENCIES
  flay
  guard
  guard-rspec
  guard-rubocop
  rb-readline
  rspec
  rubocop
  rubocop-rspec
  solargraph

BUNDLED WITH
   2.3.7
